STORAGE: NONE
NUGET
  remote: https://api.nuget.org/v3/index.json
    FSharp.Configuration (2.0)
      FSharp.Core (>= 4.7) - restriction: || (>= net461) (>= netstandard2.0)
    FSharp.Core (7.0.200) - restriction: || (>= net461) (>= netstandard2.0)
